GEM
  remote: http://rubygems.org/
  specs:
    git (1.2.5)
    jeweler (1.8.3)
      bundler (~> 1.0)
      git (>= 1.2.5)
      rake
      rdoc
    json (1.6.5)
    metaclass (0.0.1)
    mocha (0.10.5)
      metaclass (~> 0.0.1)
    oniguruma (1.1.0)
    rake (0.9.2.2)
    rdoc (3.12)
      json (~> 1.4)
    yajl-ruby (0.8.2)

PLATFORMS
  ruby

DEPENDENCIES
  bundler
  jeweler
  mocha
  oniguruma (= 1.1.0)
  yajl-ruby (= 0.8.2)
