GEM
  remote: http://rubygems.org/
  specs:
    columnize (0.3.2)
    git (1.2.5)
    i18n (0.5.0)
    jeweler (1.5.2)
      bundler (~> 1.0.0)
      git (>= 1.2.5)
      rake
    linecache (0.43)
    mocha (0.9.12)
    oniguruma (1.1.0)
    rake (0.8.7)
    rcov (0.9.9)
    ruby-debug (0.10.4)
      columnize (>= 0.1)
      ruby-debug-base (~> 0.10.4.0)
    ruby-debug-base (0.10.4)
      linecache (>= 0.3)
    yajl-ruby (0.8.2)

PLATFORMS
  ruby

DEPENDENCIES
  bundler (~> 1.0.0)
  i18n (= 0.5.0)
  jeweler (~> 1.5.2)
  mocha
  oniguruma (= 1.1.0)
  rcov
  ruby-debug
  yajl-ruby (= 0.8.2)
