GEM
  remote: http://rubygems.org/
  specs:
    activesupport (3.0.5)
    git (1.2.5)
    i18n (0.5.0)
    jeweler (1.5.2)
      bundler (~> 1.0.0)
      git (>= 1.2.5)
      rake
    oniguruma (1.1.0)
    rake (0.8.7)
    rcov (0.9.9)

PLATFORMS
  ruby

DEPENDENCIES
  activesupport (= 3.0.5)
  bundler (~> 1.0.0)
  i18n (= 0.5.0)
  jeweler (~> 1.5.2)
  oniguruma (= 1.1.0)
  rcov
